GEM
  specs:
    minitest (5.16.3)

PLATFORMS
  x86_64-darwin-21

DEPENDENCIES
  minitest (~> 5.16)

BUNDLED WITH
   2.3.11
